PATH
  remote: .
  specs:
    afd_parser (0.1.4)
      rake (>= 0.8.7)

GEM
  remote: http://rubygems.org/
  specs:
    byebug (3.2.0)
      columnize (~> 0.8)
      debugger-linecache (~> 1.2)
    columnize (0.8.9)
    debugger-linecache (1.2.0)
    rake (11.1.2)

PLATFORMS
  ruby

DEPENDENCIES
  afd_parser!
  byebug
