GEM
  remote: https://rubygems.org/
  specs:
    byebug (9.0.6)
    rake (12.3.1)

PLATFORMS
  ruby

DEPENDENCIES
  byebug
  rake
