GEM
  remote: https://rubygems.org/
  specs:
    byebug (10.0.2)
    rake (12.3.1)

PLATFORMS
  ruby

DEPENDENCIES
  byebug
  rake
