GEM
  remote: https://rubygems.org/
  specs:
    byebug (11.0.1)
    power_assert (2.0.0)
    rake (13.0.1)
    test-unit (3.4.0)
      power_assert

PLATFORMS
  ruby

DEPENDENCIES
  byebug
  rake
  test-unit (>= 1.2.3)

BUNDLED WITH
   1.17.1
