PATH
  remote: .
  specs:
    afd_parser (0.0.1)
      rake (>= 0.8.7)

GEM
  remote: http://rubygems.org/
  specs:
    columnize (0.3.2)
    linecache (0.43)
    rake (0.8.7)
    ruby-debug (0.10.4)
      columnize (>= 0.1)
      ruby-debug-base (~> 0.10.4.0)
    ruby-debug-base (0.10.4)
      linecache (>= 0.3)

PLATFORMS
  ruby

DEPENDENCIES
  afd_parser!
  ruby-debug
