GEM
  remote: https://rubygems.org/
  specs:
    byebug (10.0.2)
    power_assert (1.1.3)
    rake (12.3.2)
    test-unit (3.3.0)
      power_assert

PLATFORMS
  ruby

DEPENDENCIES
  byebug
  rake
  test-unit (>= 1.2.3)

BUNDLED WITH
   1.17.1
