GEM
  remote: https://rubygems.org/
  specs:
    byebug (9.0.6)
    rake (12.0.0)

PLATFORMS
  ruby

DEPENDENCIES
  byebug
  rake
